GEM
  remote: http://rubygems.org/
  specs:
    RedCloth (4.2.8)
    albino (1.3.3)
      posix-spawn (>= 0.3.6)
    chunky_png (1.2.1)
    classifier (1.3.3)
      fast-stemmer (>= 1.0.0)
    compass (0.11.5)
      chunky_png (~> 1.2)
      fssm (>= 0.2.7)
      sass (~> 3.1)
    directory_watcher (1.4.0)
    fast-stemmer (1.0.0)
    fssm (0.2.7)
    jekyll (0.11.0)
      albino (>= 1.3.2)
      classifier (>= 1.3.1)
      directory_watcher (>= 1.1.1)
      kramdown (>= 0.13.2)
      liquid (>= 1.9.0)
      maruku (>= 0.5.9)
    kramdown (0.13.3)
    liquid (2.2.2)
    maruku (0.6.0)
      syntax (>= 1.0.0)
    posix-spawn (0.3.6)
    rdiscount (1.6.8)
    sass (3.1.7)
    syntax (1.0.0)

PLATFORMS
  ruby

DEPENDENCIES
  RedCloth
  compass
  jekyll
  rdiscount
